GEM
  remote: https://rubygems.org/
  specs:
    coderay (1.1.1)
    docker-api (1.31.0)
      excon (>= 0.38.0)
      json
    domain_name (0.5.20160826)
      unf (>= 0.0.5, < 1.0.0)
    excon (0.52.0)
    fileutils (1.1.0)
    http-cookie (1.0.2)
      domain_name (~> 0.5)
    json (2.0.2)
    method_source (0.8.2)
    mime-types (3.1)
      mime-types-data (~> 3.2015)
    mime-types-data (3.2016.0521)
    mini_portile2 (2.5.1)
    netrc (0.11.0)
    nokogiri (1.11.4)
      mini_portile2 (~> 2.5.0)
      racc (~> 1.4)
    nokogiri (1.11.4-x86_64-darwin)
      racc (~> 1.4)
    power_assert (0.3.1)
    pry (0.10.4)
      coderay (~> 1.1.0)
      method_source (~> 0.8.1)
      slop (~> 3.4)
    racc (1.5.2)
    rake (11.2.2)
    rest-client (2.0.0)
      http-cookie (>= 1.0.2, < 2.0)
      mime-types (>= 1.16, < 4.0)
      netrc (~> 0.8)
    slop (3.6.0)
    test-unit (3.2.1)
      power_assert
    unf (0.1.4)
      unf_ext
    unf_ext (0.0.7.2)

PLATFORMS
  ruby
  universal-darwin-15
  x86_64-darwin-15
  x86_64-darwin-17

DEPENDENCIES
  docker-api
  fileutils
  json
  nokogiri
  pry
  rake
  rest-client
  test-unit
